GEM
  remote: https://rubygems.org/
  specs:
    json (1.7.5)
    json-schema (1.1.1)
    rake (0.9.2.2)
    rakejava (1.3.7)
      rake (>= 0.9.2)

PLATFORMS
  ruby

DEPENDENCIES
  json
  json-schema
  rakejava
