GEM
  remote: https://rubygems.org/
  specs:
    json (1.8.0)
    json-schema (1.1.1)
    rake (10.0.4)
    rakejava (1.3.7)
      rake (>= 0.9.2)
    redcarpet (2.3.0)
    yard (0.8.6.1)

PLATFORMS
  ruby

DEPENDENCIES
  json
  json-schema
  rakejava
  redcarpet
  yard
