GEM
  remote: http://rubygems.org/
  specs:
    hashie (2.0.3)

PLATFORMS
  ruby

DEPENDENCIES
  hashie
