GEM
  remote: http://rubygems.org/
  specs:
    daemons (1.1.9)
    eventmachine (1.0.3)
    hashie (2.0.3)
    json (1.7.7)
    logger (1.2.8)
    rack (1.5.2)
    rack-protection (1.5.0)
      rack
    sinatra (1.4.2)
      rack (~> 1.5, >= 1.5.2)
      rack-protection (~> 1.4)
      tilt (~> 1.3, >= 1.3.4)
    thin (1.5.1)
      daemons (>= 1.0.9)
      eventmachine (>= 0.12.6)
      rack (>= 1.0.0)
    thread (0.0.7)
    tilt (1.3.7)

PLATFORMS
  ruby

DEPENDENCIES
  hashie
  json
  logger
  sinatra
  thin
  thread
