GEM
  remote: http://rubygems.org/
  specs:
    activesupport (3.1.8)
      multi_json (>= 1.0, < 1.3)
    daemons (1.1.9)
    eventmachine (1.0.3)
    hashie (2.0.3)
    json (1.7.7)
    logger (1.2.8)
    multi_json (1.2.0)
    rack (1.5.2)
    rack-protection (1.5.0)
      rack
    redcarpet (2.2.2)
    redis (3.0.2)
    redis-namespace (1.2.1)
      redis (~> 3.0.0)
    sinatra (1.4.2)
      rack (~> 1.5, >= 1.5.2)
      rack-protection (~> 1.4)
      tilt (~> 1.3, >= 1.3.4)
    thin (1.5.1)
      daemons (>= 1.0.9)
      eventmachine (>= 0.12.6)
      rack (>= 1.0.0)
    thread (0.0.7)
    tilt (1.3.7)

PLATFORMS
  ruby

DEPENDENCIES
  activesupport
  hashie
  json
  logger
  redcarpet
  redis
  redis-namespace
  sinatra
  thin
  thread
