GEM
  remote: http://rubygems.org/
  specs:
    daemons (1.1.9)
    eventmachine (1.0.4)
    github-markup (0.7.5)
    json (1.8.2)
    mustermann (2.0.2)
      ruby2_keywords (~> 0.0.1)
    rack (2.2.4)
    rack-flash3 (1.0.3)
      rack
    rack-protection (2.2.3)
      rack
    redcarpet (2.3.0)
    ruby2_keywords (0.0.5)
    rubysl-securerandom (2.0.0)
    sinatra (2.2.3)
      mustermann (~> 2.0)
      rack (~> 2.2)
      rack-protection (= 2.2.3)
      tilt (~> 2.0)
    thin (1.5.1)
      daemons (>= 1.0.9)
      eventmachine (>= 0.12.6)
      rack (>= 1.0.0)
    tilt (2.0.11)
    yard (0.8.7.2)

PLATFORMS
  ruby

DEPENDENCIES
  github-markup
  json
  rack-flash3
  redcarpet
  rubysl-securerandom
  sinatra
  thin
  yard

BUNDLED WITH
   1.10.6
