GEM
  remote: http://rubygems.org/
  specs:
    daemons (1.1.9)
    eventmachine (1.0.4)
    github-markup (0.7.5)
    json (2.3.0)
    rack (1.5.2)
    rack-flash3 (1.0.3)
      rack
    rack-protection (1.5.0)
      rack
    redcarpet (2.3.0)
    rubysl-securerandom (2.0.0)
    sinatra (1.4.2)
      rack (~> 1.5, >= 1.5.2)
      rack-protection (~> 1.4)
      tilt (~> 1.3, >= 1.3.4)
    thin (1.5.1)
      daemons (>= 1.0.9)
      eventmachine (>= 0.12.6)
      rack (>= 1.0.0)
    tilt (1.4.1)
    yard (0.8.7.2)

PLATFORMS
  ruby

DEPENDENCIES
  github-markup
  json
  rack-flash3
  redcarpet
  rubysl-securerandom
  sinatra
  thin
  yard

BUNDLED WITH
   1.10.6
