GEM
  remote: http://rubygems.org/
  specs:
    activesupport (3.2.12)
      i18n (~> 0.6)
      multi_json (~> 1.0)
    chronic (0.9.1)
    daemons (1.1.9)
    eventmachine (1.0.3)
    hashie (2.0.5)
    i18n (0.6.4)
    json (1.8.0)
    logger (1.2.8)
    multi_json (1.7.3)
    rack (1.5.2)
    rack-protection (1.5.0)
      rack
    redis (3.0.4)
    redis-lock (0.1.0)
      redis
    redis-namespace (1.3.0)
      redis (~> 3.0.0)
    sinatra (1.4.2)
      rack (~> 1.5, >= 1.5.2)
      rack-protection (~> 1.4)
      tilt (~> 1.3, >= 1.3.4)
    thin (1.5.1)
      daemons (>= 1.0.9)
      eventmachine (>= 0.12.6)
      rack (>= 1.0.0)
    thread (0.0.8)
    tilt (1.4.1)
    whenever (0.8.2)
      activesupport (>= 2.3.4)
      chronic (>= 0.6.3)

PLATFORMS
  ruby

DEPENDENCIES
  activesupport
  hashie
  i18n
  json
  logger
  redis
  redis-lock
  redis-namespace
  sinatra
  thin
  thread
  whenever
